GEM
  remote: https://rubygems.org/
  specs:
    activesupport (5.1.4)
      concurrent-ruby (~> 1.0, >= 1.0.2)
      i18n (~> 0.7)
      minitest (~> 5.1)
      tzinfo (~> 1.1)
    backports (3.8.0)
    clockwork (2.0.2)
      activesupport
      tzinfo
    concurrent-ruby (1.0.5)
    daemons (1.2.4)
    eventmachine (1.2.5)
    foreman (0.84.0)
      thor (~> 0.19.1)
    hamlit (2.8.4)
      temple (>= 0.8.0)
      thor
      tilt
    i18n (0.8.6)
    minitest (5.10.3)
    multi_json (1.12.2)
    mustermann (1.0.1)
    pg (0.21.0)
    rack (2.0.3)
    rack-protection (2.0.0)
      rack
    sequel (5.0.0)
    sinatra (2.0.0)
      mustermann (~> 1.0)
      rack (~> 2.0)
      rack-protection (= 2.0.0)
      tilt (~> 2.0)
    sinatra-contrib (2.0.0)
      backports (>= 2.0)
      multi_json
      mustermann (~> 1.0)
      rack-protection (= 2.0.0)
      sinatra (= 2.0.0)
      tilt (>= 1.3, < 3)
    sqlite3 (1.3.13)
    temple (0.8.0)
    thin (1.7.2)
      daemons (~> 1.0, >= 1.0.9)
      eventmachine (~> 1.0, >= 1.0.4)
      rack (>= 1, < 3)
    thor (0.19.4)
    thread_safe (0.3.6)
    tilt (2.0.8)
    tzinfo (1.2.3)
      thread_safe (~> 0.1)

PLATFORMS
  ruby

DEPENDENCIES
  clockwork
  foreman
  hamlit
  pg
  sequel
  sinatra
  sinatra-contrib
  sqlite3
  thin

RUBY VERSION
   ruby 2.3.5p376

BUNDLED WITH
   1.15.4
