GEM
  remote: https://rubygems.org/
  specs:
    activesupport (7.0.7.2)
      concurrent-ruby (~> 1.0, >= 1.0.2)
      i18n (>= 1.6, < 2)
      minitest (>= 5.1)
      tzinfo (~> 2.0)
    clockwork (3.0.2)
      activesupport
      tzinfo
    concurrent-ruby (1.2.2)
    foreman (0.87.2)
    hamlit (3.0.3)
      temple (>= 0.8.2)
      thor
      tilt
    i18n (1.14.1)
      concurrent-ruby (~> 1.0)
    mini_portile2 (2.8.4)
    minitest (5.19.0)
    multi_json (1.15.0)
    mustermann (3.0.0)
      ruby2_keywords (~> 0.0.1)
    nio4r (2.5.9)
    pg (1.5.3)
    puma (6.3.1)
      nio4r (~> 2.0)
    rack (2.2.8)
    rack-protection (3.1.0)
      rack (~> 2.2, >= 2.2.4)
    rake (13.0.6)
    ruby2_keywords (0.0.5)
    sequel (5.71.0)
    sinatra (3.1.0)
      mustermann (~> 3.0)
      rack (~> 2.2, >= 2.2.4)
      rack-protection (= 3.1.0)
      tilt (~> 2.0)
    sinatra-contrib (3.1.0)
      multi_json
      mustermann (~> 3.0)
      rack-protection (= 3.1.0)
      sinatra (= 3.1.0)
      tilt (~> 2.0)
    sqlite3 (1.6.3)
      mini_portile2 (~> 2.8.0)
    temple (0.10.2)
    thor (1.2.2)
    tilt (2.2.0)
    tzinfo (2.0.6)
      concurrent-ruby (~> 1.0)

PLATFORMS
  ruby

DEPENDENCIES
  activesupport
  clockwork
  foreman
  hamlit
  pg
  puma
  rake
  sequel
  sinatra
  sinatra-contrib
  sqlite3

RUBY VERSION
   ruby 3.1.4p223

BUNDLED WITH
   2.3.26
